PATH
  remote: gravitext-util
  specs:
    gravitext-util (1.7.0-java)
      rjack-slf4j (>= 1.6.5, < 1.8)

PATH
  remote: gravitext-xmlprod
  specs:
    gravitext-xmlprod (1.7.0-java)
      gravitext-util (~> 1.7.0)

GEM
  remote: http://rubygems.org/
  specs:
    bouncy-castle-java (1.5.0146.1)
    jruby-openssl (0.8.2)
      bouncy-castle-java (>= 1.5.0146.1)
    json (1.7.6-java)
    minitest (2.12.1)
    rake (10.0.3)
    rdoc (3.12)
      json (~> 1.4)
    rjack-jdom (1.1.0.2-java)
    rjack-logback (1.5.1-java)
      rjack-slf4j (>= 1.6.5, < 1.8)
    rjack-maven (3.0.4.0-java)
    rjack-slf4j (1.7.2.0-java)
    rjack-tarpit (2.0.2-java)
      jruby-openssl (~> 0.8.1)
      rake (>= 0.9.2.2, < 10.1)
      rdoc (~> 3.12)
      rjack-maven (~> 3.0.4)

PLATFORMS
  java

DEPENDENCIES
  gravitext-util!
  gravitext-xmlprod!
  minitest (~> 2.3)
  rjack-jdom (~> 1.1.0.0)
  rjack-logback (~> 1.2)
  rjack-tarpit (~> 2.0)
