PATH
  remote: gravitext-util
  specs:
    gravitext-util (1.6.b.0-java)
      rjack-logback (~> 1.0)
      rjack-slf4j (~> 1.6.1)

PATH
  remote: gravitext-xmlprod
  specs:
    gravitext-xmlprod (1.5.b.0-java)
      gravitext-util (~> 1.6.b)

GEM
  remote: http://rubygems.org/
  specs:
    bouncy-castle-java (1.5.0146.1)
    jruby-openssl (0.7.4)
      bouncy-castle-java
    json (1.6.5-java)
    minitest (2.10.1)
    rake (0.9.2.2)
    rdoc (3.12)
      json (~> 1.4)
    rjack-jdom (1.1.0.2-java)
    rjack-logback (1.3.0-java)
      rjack-slf4j (~> 1.6.0)
    rjack-maven (3.0.3.1-java)
    rjack-slf4j (1.6.4.0-java)
    rjack-tarpit (2.0.0-java)
      jruby-openssl (~> 0.7.4)
      rake (~> 0.9.2, >= 0.9.2.2)
      rdoc (~> 3.12)
      rjack-maven (~> 3.0.3)

PLATFORMS
  java

DEPENDENCIES
  gravitext-util!
  gravitext-xmlprod!
  minitest (~> 2.3)
  rjack-jdom (~> 1.1.0.0)
  rjack-tarpit (~> 2.0)
